GEM
  remote: https://rubygems.org/
  specs:
    backports (3.13.0)
    haml (5.0.4)
      temple (>= 0.8.0)
      tilt
    hoe (3.17.2)
      rake (>= 0.8, < 13.0)
    multi_json (1.13.1)
    mustermann (1.0.3)
    rack (2.0.7)
    rack-protection (2.0.5)
      rack
    rake (12.3.2)
    sinatra (2.0.5)
      mustermann (~> 1.0)
      rack (~> 2.0)
      rack-protection (= 2.0.5)
      tilt (~> 2.0)
    sinatra-contrib (2.0.5)
      backports (>= 2.8.2)
      multi_json
      mustermann (~> 1.0)
      rack-protection (= 2.0.5)
      sinatra (= 2.0.5)
      tilt (>= 1.3, < 3)
    sinatra-haml (0.1.1)
      hoe (>= 1.4.0)
      sinatra (> 0.1.7)
    temple (0.8.1)
    tilt (2.0.9)

PLATFORMS
  ruby

DEPENDENCIES
  haml
  sinatra
  sinatra-contrib
  sinatra-haml

RUBY VERSION
   ruby 2.6.0p0

BUNDLED WITH
   1.17.2
